PATH
  remote: .
  specs:
    foreman_host_rundeck (0.0.1)

GEM
  remote: http://rubygems.org/
  specs:

PLATFORMS
  ruby

DEPENDENCIES
  foreman_host_rundeck!
